GEM
  remote: https://rubygems.org/
  specs:
    logger (1.2.8)
    mysql2 (0.3.14)
    xml-simple (1.1.3)

PLATFORMS
  ruby

DEPENDENCIES
  logger
  mysql2
  xml-simple
